<<<<<<< HEAD
PATH
  remote: .
  specs:
    space_school (0.1.0)

=======
>>>>>>> 8dc9c7b3b85ae4404db0d57894c8b174dda1ce45
GEM
  remote: https://rubygems.org/
  specs:
    diff-lcs (1.4.4)
    rake (12.3.3)
    rspec (3.9.0)
      rspec-core (~> 3.9.0)
      rspec-expectations (~> 3.9.0)
      rspec-mocks (~> 3.9.0)
    rspec-core (3.9.3)
      rspec-support (~> 3.9.3)
    rspec-expectations (3.9.3)
      diff-lcs (>= 1.2.0, < 2.0)
      rspec-support (~> 3.9.0)
    rspec-mocks (3.9.1)
      diff-lcs (>= 1.2.0, < 2.0)
      rspec-support (~> 3.9.0)
    rspec-support (3.9.4)

PLATFORMS
  ruby

DEPENDENCIES
  rake (~> 12.0)
  rspec (~> 3.0)
<<<<<<< HEAD
  space_school!
=======
>>>>>>> 8dc9c7b3b85ae4404db0d57894c8b174dda1ce45

BUNDLED WITH
   2.1.4
